GIT
  remote: git://github.com/alf-tool/alf-core.git
  revision: 08e595e87940a6ba09112bcc2585713773e803bf
  specs:
    alf-core (0.14.0)
      domain (~> 1.0)
      myrrha (~> 3.0)
      path (~> 1.3)
      sexpr (~> 0.5.1)

GEM
  remote: http://rubygems.org/
  specs:
    diff-lcs (1.2.4)
    domain (1.0.0)
    jdbc-sqlite3 (3.7.2.1)
    myrrha (3.0.0)
      domain (~> 1.0)
    path (1.3.1)
    rake (10.1.0)
    rspec (2.14.1)
      rspec-core (~> 2.14.0)
      rspec-expectations (~> 2.14.0)
      rspec-mocks (~> 2.14.0)
    rspec-core (2.14.4)
    rspec-expectations (2.14.0)
      diff-lcs (>= 1.1.3, < 2.0)
    rspec-mocks (2.14.1)
    sequel (3.48.0)
    sexpr (0.5.1)
    sqlite3 (1.3.7)

PLATFORMS
  java
  ruby

DEPENDENCIES
  alf-core!
  jdbc-sqlite3 (~> 3.7)
  rake (~> 10.1)
  rspec (~> 2.14)
  sequel (~> 3.48)
  sqlite3 (~> 1.3)
