GIT
  remote: git://github.com/alf-tool/alf.git
  revision: 8682746a4dd101fe72aedc971d49ee2ba1074323
  specs:
    alf (0.13.0)
      backports (~> 2.6)
      myrrha (~> 1.2.2)
      path (~> 1.3)
      quickl (~> 0.4.3)
      sexpr (~> 0.5.1)

GEM
  remote: http://rubygems.org/
  specs:
    backports (2.6.3)
    diff-lcs (1.1.3)
    myrrha (1.2.2)
    path (1.3.1)
    quickl (0.4.3)
    rake (0.9.2.2)
    rspec (2.10.0)
      rspec-core (~> 2.10.0)
      rspec-expectations (~> 2.10.0)
      rspec-mocks (~> 2.10.0)
    rspec-core (2.10.1)
    rspec-expectations (2.10.0)
      diff-lcs (~> 1.1.3)
    rspec-mocks (2.10.1)
    sequel (3.36.1)
    sexpr (0.5.1)
    sqlite3 (1.3.6)

PLATFORMS
  ruby

DEPENDENCIES
  alf!
  jdbc-sqlite3 (~> 3.7)
  rake (~> 0.9.2)
  rspec (~> 2.10)
  sequel (~> 3.36)
  sqlite3 (~> 1.3)
