GIT
  remote: git://github.com/alf-tool/alf-core.git
  revision: 9941321fc09aa1417501a4074f579e5d8a9d8642
  specs:
    alf-core (0.15.0)
      domain (~> 1.0)
      myrrha (~> 3.0)
      path (~> 1.3)
      sexpr (~> 0.6.0)

GIT
  remote: git://github.com/alf-tool/alf-shell.git
  revision: 8facde6a7eac740243a96ba7ac1c819f3ad6bbdd
  specs:
    alf-shell (0.15.0)
      alf-core (~> 0.15.0)
      quickl (~> 0.4.3)

GIT
  remote: git://github.com/alf-tool/alf-sql.git
  revision: ff09a32b403fe8b33486dfb4c66e8802ede4bdbb
  specs:
    alf-sql (0.15.0)
      alf-core (~> 0.15.0)
      sexpr (~> 0.6.0)

GIT
  remote: git://github.com/alf-tool/alf-test.git
  revision: fc411f88372a618cfff6fd84710018e050af8c72
  specs:
    alf-test (0.15.0)
      alf-core (~> 0.15.0)
      path (~> 1.3)

GEM
  remote: http://rubygems.org/
  specs:
    diff-lcs (1.2.4)
    domain (1.0.0)
    myrrha (3.0.0)
      domain (~> 1.0)
    path (1.3.3)
    pg (0.17.0)
    quickl (0.4.3)
    rake (10.1.0)
    rspec (2.14.1)
      rspec-core (~> 2.14.0)
      rspec-expectations (~> 2.14.0)
      rspec-mocks (~> 2.14.0)
    rspec-core (2.14.5)
    rspec-expectations (2.14.3)
      diff-lcs (>= 1.1.3, < 2.0)
    rspec-mocks (2.14.3)
    sequel (4.2.0)
    sexpr (0.6.0)
    sqlite3 (1.3.8)

PLATFORMS
  ruby

DEPENDENCIES
  alf-core!
  alf-shell!
  alf-sql!
  alf-test!
  jdbc-sqlite3 (~> 3.7)
  pg
  rake (~> 10.1)
  rspec (~> 2.14)
  sequel (~> 4.2)
  sqlite3 (~> 1.3)
