GIT
  remote: git://github.com/blambeau/alf.git
  revision: d96e0821b697bb9b713c5549a846d94bbe7943cf
  specs:
    alf (0.13.0)
      backports (~> 2.6)
      epath (~> 0.4)
      myrrha (~> 1.2.2)
      quickl (~> 0.4.3)
      sexpr (~> 0.5.1)

GEM
  remote: http://rubygems.org/
  specs:
    backports (2.6.2)
    diff-lcs (1.1.3)
    epath (0.4.0)
    myrrha (1.2.2)
    quickl (0.4.3)
    rake (0.9.2.2)
    rspec (2.10.0)
      rspec-core (~> 2.10.0)
      rspec-expectations (~> 2.10.0)
      rspec-mocks (~> 2.10.0)
    rspec-core (2.10.1)
    rspec-expectations (2.10.0)
      diff-lcs (~> 1.1.3)
    rspec-mocks (2.10.1)
    sequel (3.36.1)
    sexpr (0.5.1)
    sqlite3 (1.3.6)

PLATFORMS
  ruby

DEPENDENCIES
  alf!
  jdbc-sqlite3 (~> 3.7)
  rake (~> 0.9.2)
  rspec (~> 2.10)
  sequel (~> 3.36)
  sqlite3 (~> 1.3)
