GIT
  remote: git://github.com/alf-tool/alf-core.git
  revision: 115f88bd3e7c09d35e93e2e22e0931e9bf10f139
  specs:
    alf-core (0.13.0)
      domain (~> 1.0)
      myrrha (~> 3.0)
      path (~> 1.3)
      sexpr (~> 0.5.1)

GEM
  remote: http://rubygems.org/
  specs:
    diff-lcs (1.2.4)
    domain (1.0.0)
    myrrha (3.0.0)
      domain (~> 1.0)
    path (1.3.1)
    rake (10.0.3)
    rspec (2.13.0)
      rspec-core (~> 2.13.0)
      rspec-expectations (~> 2.13.0)
      rspec-mocks (~> 2.13.0)
    rspec-core (2.13.1)
    rspec-expectations (2.13.0)
      diff-lcs (>= 1.1.3, < 2.0)
    rspec-mocks (2.13.1)
    sequel (3.48.0)
    sexpr (0.5.1)
    sqlite3 (1.3.7)

PLATFORMS
  ruby

DEPENDENCIES
  alf-core!
  jdbc-sqlite3 (~> 3.7)
  rake (~> 10.0)
  rspec (~> 2.13)
  sequel (~> 3.48)
  sqlite3 (~> 1.3)
