GIT
  remote: git://github.com/alf-tool/alf.git
  revision: 64d759e0e84689f6f3835f6ded1e261d3fec6781
  specs:
    alf (0.13.0)
      backports (~> 2.6)
      domain (~> 1.0.0.rc2)
      myrrha (~> 3.0.0.rc3)
      path (~> 1.3)
      quickl (~> 0.4.3)
      sexpr (~> 0.5.1)

GEM
  remote: http://rubygems.org/
  specs:
    activesupport (3.2.8)
      i18n (~> 0.6)
      multi_json (~> 1.0)
    awesome_print (1.1.0)
    backports (2.6.4)
    colorize (0.5.8)
    columnize (0.3.6)
    debugger (1.2.0)
      columnize (>= 0.3.1)
      debugger-linecache (~> 1.1.1)
      debugger-ruby_core_source (~> 1.1.3)
    debugger-linecache (1.1.2)
      debugger-ruby_core_source (>= 1.1.1)
    debugger-ruby_core_source (1.1.3)
    diff-lcs (1.1.3)
    domain (1.0.0.rc2)
    i18n (0.6.1)
    letters (0.3.1)
      activesupport
      awesome_print
      colorize
      debugger
      xml-simple
    multi_json (1.3.6)
    myrrha (3.0.0.rc5)
      domain (~> 1.0.0.rc2)
    path (1.3.1)
    quickl (0.4.3)
    rake (0.9.2.2)
    rspec (2.11.0)
      rspec-core (~> 2.11.0)
      rspec-expectations (~> 2.11.0)
      rspec-mocks (~> 2.11.0)
    rspec-core (2.11.1)
    rspec-expectations (2.11.3)
      diff-lcs (~> 1.1.3)
    rspec-mocks (2.11.3)
    sequel (3.40.0)
    sexpr (0.5.1)
    sqlite3 (1.3.6)
    xml-simple (1.1.1)

PLATFORMS
  ruby

DEPENDENCIES
  alf!
  jdbc-sqlite3 (~> 3.7)
  letters
  rake (~> 0.9.2)
  rspec (~> 2.10)
  sequel (~> 3.36)
  sqlite3 (~> 1.3)
