GIT
  remote: git://github.com/alf-tool/alf.git
  revision: 5dec625ed981a3a360869fdd9e5ecf346eb27bf1
  specs:
    alf (0.13.0)
      backports (~> 2.6)
      domain (~> 1.0.0.rc2)
      myrrha (~> 3.0.0.rc3)
      path (~> 1.3)
      quickl (~> 0.4.3)
      sexpr (~> 0.5.1)

GEM
  remote: http://rubygems.org/
  specs:
    backports (2.6.4)
    diff-lcs (1.1.3)
    domain (1.0.0.rc2)
    myrrha (3.0.0.rc4)
      domain (~> 1.0.0.rc2)
    path (1.3.1)
    quickl (0.4.3)
    rake (0.9.2.2)
    rspec (2.11.0)
      rspec-core (~> 2.11.0)
      rspec-expectations (~> 2.11.0)
      rspec-mocks (~> 2.11.0)
    rspec-core (2.11.1)
    rspec-expectations (2.11.3)
      diff-lcs (~> 1.1.3)
    rspec-mocks (2.11.3)
    sequel (3.39.0)
    sexpr (0.5.1)
    sqlite3 (1.3.6)

PLATFORMS
  ruby

DEPENDENCIES
  alf!
  jdbc-sqlite3 (~> 3.7)
  rake (~> 0.9.2)
  rspec (~> 2.10)
  sequel (~> 3.36)
  sqlite3 (~> 1.3)
