PATH
  remote: ../alf-core
  specs:
    alf-core (0.14.0)
      domain (~> 1.0)
      myrrha (~> 3.0)
      path (~> 1.3)
      sexpr (~> 0.6.0)

PATH
  remote: ../alf-sql
  specs:
    alf-sql (0.14.0)
      alf-core (~> 0.14.0)
      sexpr (~> 0.6.0)

PATH
  remote: ../alf-test
  specs:
    alf-test (0.14.0)
      alf-core (~> 0.14.0)
      path (~> 1.3)

GEM
  remote: http://rubygems.org/
  specs:
    diff-lcs (1.2.4)
    domain (1.0.0)
    jdbc-sqlite3 (3.7.2.1)
    myrrha (3.0.0)
      domain (~> 1.0)
    path (1.3.3)
    pg (0.16.0)
    rake (10.1.0)
    rspec (2.14.1)
      rspec-core (~> 2.14.0)
      rspec-expectations (~> 2.14.0)
      rspec-mocks (~> 2.14.0)
    rspec-core (2.14.4)
    rspec-expectations (2.14.0)
      diff-lcs (>= 1.1.3, < 2.0)
    rspec-mocks (2.14.1)
    sequel (3.48.0)
    sexpr (0.6.0)
    sqlite3 (1.3.7)

PLATFORMS
  java
  ruby

DEPENDENCIES
  alf-core!
  alf-sql!
  alf-test!
  jdbc-sqlite3 (~> 3.7)
  pg
  rake (~> 10.1)
  rspec (~> 2.14)
  sequel (~> 3.48)
  sqlite3 (~> 1.3)
