GIT
  remote: git://github.com/alf-tool/alf-core.git
  revision: 6703320e980b05461cc86255517e26b48f05f4c9
  branch: compilable
  specs:
    alf-core (0.14.0)
      domain (~> 1.0)
      myrrha (~> 3.0)
      path (~> 1.3)
      sexpr (~> 0.6.0)

GIT
  remote: git://github.com/alf-tool/alf-shell.git
  revision: c1c18d4a54b766a9adbb22acdc955587c2dddec5
  specs:
    alf-shell (0.14.0)
      alf-core (~> 0.14.0)
      quickl (~> 0.4.3)

GIT
  remote: git://github.com/alf-tool/alf-sql.git
  revision: 8d6ccfb45d3dcb357cb13f20c4b44659490726f2
  specs:
    alf-sql (0.14.0)
      alf-core (~> 0.14.0)
      sexpr (~> 0.6.0)

GIT
  remote: git://github.com/alf-tool/alf-test.git
  revision: 01d97ce8a854365019252d0cd5f8ce15e80fb9f0
  specs:
    alf-test (0.14.0)
      alf-core (~> 0.14.0)
      path (~> 1.3)

GEM
  remote: http://rubygems.org/
  specs:
    diff-lcs (1.2.4)
    domain (1.0.0)
    jdbc-sqlite3 (3.7.2.1)
    myrrha (3.0.0)
      domain (~> 1.0)
    path (1.3.3)
    pg (0.16.0)
    quickl (0.4.3)
    rake (10.1.0)
    rspec (2.14.1)
      rspec-core (~> 2.14.0)
      rspec-expectations (~> 2.14.0)
      rspec-mocks (~> 2.14.0)
    rspec-core (2.14.4)
    rspec-expectations (2.14.0)
      diff-lcs (>= 1.1.3, < 2.0)
    rspec-mocks (2.14.1)
    sequel (3.48.0)
    sexpr (0.6.0)
    sqlite3 (1.3.7)

PLATFORMS
  java
  ruby

DEPENDENCIES
  alf-core!
  alf-shell!
  alf-sql!
  alf-test!
  jdbc-sqlite3 (~> 3.7)
  pg
  rake (~> 10.1)
  rspec (~> 2.14)
  sequel (~> 3.48)
  sqlite3 (~> 1.3)
